GEM
  remote: https://rubygems.org/
  specs:
    highline (1.7.10)
    httparty (0.15.7)
      multi_xml (>= 0.5.2)
    multi_xml (0.6.0)
    options (2.3.2)
    progress_bar (1.1.0)
      highline (~> 1.6)
      options (~> 2.3.0)
    rake (12.3.0)
    terminal-table (1.8.0)
      unicode-display_width (~> 1.1, >= 1.1.1)
    unicode-display_width (1.3.0)

PLATFORMS
  ruby

DEPENDENCIES
  httparty (~> 0.15.7)
  progress_bar (~> 1.1)
  rake
  terminal-table (~> 1.8)

BUNDLED WITH
   1.16.0
